{"InPlanePhaseEncodingDirectionDICOM": "ROW", "DeviceSerialNumber": "0000082427220041", "AcquisitionMatrixPE": 64, "ImageOrientationPatientDICOM": [0.998169, 0.0475479, 0.0373852, -0.0527668, 0.986609, 0.154333], "EffectiveEchoSpacing": 0.000616, "TotalReadoutTime": 0.038808, "ManufacturersModelName": "Signa_HDxt", "PhaseEncodingAxis": "i", "ProtocolName": "BOLD", "RepetitionTime": 2, "SeriesNumber": 5, "MRAcquisitionType": "2D", "SliceThickness": 4, "AcquisitionNumber": 1, "InstitutionName": "The_1st_Hospital_of_CQMU", "SAR": 0.349982, "PixelBandwidth": 7812.5, "ScanningSequence": "EP_GR", "Manufacturer": "GE", "PercentPhaseFOV": 100, "ReconMatrixPE": 64, "FlipAngle": 90, "SeriesDescription": "BOLD", "ConversionSoftwareVersion": "v1.0.20180622 GCC7.3.0", "AcquisitionTime": "17:00:12.000000", "MagneticFieldStrength": 3, "TaskName": "rest", "SpacingBetweenSlices": 4, "ImageType": ["ORIGINAL", "PRIMARY", "OTHER"], "EchoTime": 0.04, "SequenceVariant": "SS", "ConversionSoftware": "dcm2niix", "ScanOptions": "MP_GEMS_EPI_GEMS_ACC_GEMS", "SoftwareVersions": "24_LX_MR_Software_release:HD16.0_V02_1131.a", "StationName": "GEMSGEMS", "Modality": "MR", "PatientPosition": "HFS"}